GEM
  remote: https://rubygems.org/
  specs:
    mini_magick (4.10.1)
    property-list (1.0.4)

PLATFORMS
  ruby

DEPENDENCIES
  mini_magick
  property-list

BUNDLED WITH
   2.0.1
